GEM
  remote: https://rubygems.org/
  specs:
    artii (2.1.2)
    paint (2.3.0)

PLATFORMS
  arm64-darwin-22

DEPENDENCIES
  artii
  paint

BUNDLED WITH
   2.3.7
